GEM
  remote: http://rubygems.org/
  specs:
    json (2.3.0)
    json (2.3.0-java)
    mail (2.7.1)
      mini_mime (>= 0.1.1)
    mini_mime (1.0.2)
    thor (0.20.3)

PLATFORMS
  java
  ruby

DEPENDENCIES
  json
  mail
  thor

RUBY VERSION
   ruby 2.6.3p62

BUNDLED WITH
   1.17.2
